PATH
  remote: .
  specs:
    data_tools (0.6.2)
      awesome_print
      facets

GEM
  remote: http://rubygems.org/
  specs:
    awesome_print (1.1.0)
    diff-lcs (1.1.3)
    facets (2.9.3)
    rspec (2.12.0)
      rspec-core (~> 2.12.0)
      rspec-expectations (~> 2.12.0)
      rspec-mocks (~> 2.12.0)
    rspec-core (2.12.2)
    rspec-expectations (2.12.1)
      diff-lcs (~> 1.1.3)
    rspec-mocks (2.12.1)

PLATFORMS
  ruby

DEPENDENCIES
  data_tools!
  rspec
