PATH
  remote: .
  specs:
    data_tools (0.3)
      awesome_print (>= 0.3.1)
      facets (>= 2.8)

GEM
  remote: http://rubygems.org/
  specs:
    awesome_print (0.4.0)
    bond (0.4.1)
    diff-lcs (1.1.3)
    facets (2.9.1)
    ripl (0.3.6)
      bond (~> 0.4.0)
    ripl-commands (0.2.1)
      ripl (>= 0.2.9)
    ripl-multi_line (0.2.4)
      ripl (>= 0.3.2)
    rspec (2.7.0)
      rspec-core (~> 2.7.0)
      rspec-expectations (~> 2.7.0)
      rspec-mocks (~> 2.7.0)
    rspec-core (2.7.1)
    rspec-expectations (2.7.0)
      diff-lcs (~> 1.1.2)
    rspec-mocks (2.7.0)

PLATFORMS
  ruby

DEPENDENCIES
  bond
  bundler (>= 1.0.0.rc.5)
  data_tools!
  ripl
  ripl-commands
  ripl-multi_line
  rspec (>= 2.5.0)
